GEM
  remote: https://rubygems.org/
  specs:
    activemodel (5.2.4.1)
      activesupport (= 5.2.4.1)
    activerecord (5.2.4.1)
      activemodel (= 5.2.4.1)
      activesupport (= 5.2.4.1)
      arel (>= 9.0)
    activesupport (5.2.4.1)
      concurrent-ruby (~> 1.0, >= 1.0.2)
      i18n (>= 0.7, < 2)
      minitest (~> 5.1)
      tzinfo (~> 1.1)
    arel (9.0.0)
    artii (2.1.2)
    coderay (1.1.2)
    concurrent-ruby (1.1.5)
    dotenv (2.7.5)
    faker (2.9.0)
      i18n (>= 1.6, < 1.8)
    gtfs-realtime-bindings (0.0.5)
      protobuf (>= 3.0)
    httparty (0.18.1)
      mime-types (~> 3.0)
      multi_xml (>= 0.5.2)
    i18n (1.7.0)
      concurrent-ruby (~> 1.0)
    method_source (0.9.2)
    middleware (0.1.0)
    mime-types (3.3.1)
      mime-types-data (~> 3.2015)
    mime-types-data (3.2020.0512)
    minitest (5.13.0)
    multi_xml (0.6.0)
    mustermann (1.0.3)
    protobuf (3.10.3)
      activesupport (>= 3.2)
      middleware
      thor
      thread_safe
    pry (0.12.2)
      coderay (~> 1.1.0)
      method_source (~> 0.9.0)
    rack (2.2.3)
    rack-protection (2.0.7)
      rack
    require_all (3.0.0)
    sinatra (2.0.7)
      mustermann (~> 1.0)
      rack (~> 2.0)
      rack-protection (= 2.0.7)
      tilt (~> 2.0)
    sinatra-activerecord (2.0.14)
      activerecord (>= 3.2)
      sinatra (>= 1.0)
    sqlite3 (1.3.13)
    thor (1.0.1)
    thread_safe (0.3.6)
    tilt (2.0.10)
    tzinfo (1.2.5)
      thread_safe (~> 0.1)

PLATFORMS
  ruby

DEPENDENCIES
  activerecord (~> 5.2)
  artii
  dotenv
  faker
  gtfs-realtime-bindings
  httparty
  protobuf
  pry
  require_all
  sinatra-activerecord
  sqlite3 (~> 1.3.6)

BUNDLED WITH
   2.1.4
